GIT
  remote: git://github.com/hone/okyakusan.git
  revision: 764795da233ace9d45a5a0b3b85afa7d826d3b2d
  specs:
    okyakusan (0.0.1)
      netrc (~> 0.7.7)

GEM
  remote: https://rubygems.org/
  specs:
    aws-sdk (1.59.1)
      aws-sdk-v1 (= 1.59.1)
    aws-sdk-v1 (1.59.1)
      json (~> 1.4)
      nokogiri (>= 1.4.4)
    json (1.8.6)
    mini_portile2 (2.5.1)
    netrc (0.7.9)
    nokogiri (1.11.4)
      mini_portile2 (~> 2.5.0)
      racc (~> 1.4)
    racc (1.5.2)
    rake (12.0.0)

PLATFORMS
  ruby

DEPENDENCIES
  aws-sdk (= 1.59.1)
  json (~> 1.8.3)
  nokogiri (~> 1.11.4)
  okyakusan!
  rake

BUNDLED WITH
   1.14.6
